PATH
  remote: .
  specs:
    cloudstack_client (1.5.9)

GEM
  remote: https://rubygems.org/
  specs:
    bond (0.5.1)
    minitest (5.24.1)
    rake (13.2.1)
    ripl (0.7.1)
      bond (~> 0.5.1)
    thor (1.3.1)

PLATFORMS
  x86_64-linux

DEPENDENCIES
  cloudstack_client!
  minitest (~> 5.14)
  rake (~> 13.0)
  ripl (~> 0.7)
  thor (~> 1.1)

BUNDLED WITH
   2.3.14
